GEM
  remote: https://rubygems.org/
  specs:
    ast (2.4.0)
    erubis (2.7.0)
    jaro_winkler (1.5.2)
    mustermann (1.0.3)
    parallel (1.17.0)
    parser (2.6.2.1)
      ast (~> 2.4.0)
    psych (3.1.0)
    rack (2.0.7)
    rack-protection (2.0.5)
      rack
    rainbow (3.0.0)
    rubocop (0.67.2)
      jaro_winkler (~> 1.5.1)
      parallel (~> 1.10)
      parser (>= 2.5, != 2.5.1.1)
      psych (>= 3.1.0)
      rainbow (>= 2.2.2, < 4.0)
      ruby-progressbar (~> 1.7)
      unicode-display_width (>= 1.4.0, < 1.6)
    rubocop-performance (1.1.0)
      rubocop (>= 0.67.0)
    ruby-progressbar (1.10.0)
    sinatra (2.0.5)
      mustermann (~> 1.0)
      rack (~> 2.0)
      rack-protection (= 2.0.5)
      tilt (~> 2.0)
    tilt (2.0.9)
    unicode-display_width (1.5.0)

PLATFORMS
  ruby

DEPENDENCIES
  erubis (~> 2.7.0)
  rack (>= 2.0.6)
  rubocop (~> 0.67.2)
  rubocop-performance
  sinatra

BUNDLED WITH
   1.17.1
