GEM
  remote: https://rubygems.org/
  specs:
    erubis (2.7.0)
    mustermann (1.0.2)
    rack (2.0.7)
    rack-protection (2.0.1)
      rack
    sinatra (2.0.1)
      mustermann (~> 1.0)
      rack (~> 2.0)
      rack-protection (= 2.0.1)
      tilt (~> 2.0)
    tilt (2.0.8)

PLATFORMS
  ruby

DEPENDENCIES
  erubis (~> 2.7.0)
  rack (>= 2.0.6)
  sinatra

BUNDLED WITH
   1.17.1
